GEM
  remote: https://rubygems.org/
  specs:
    mini_portile (0.6.2)
    nokogiri (1.6.6.2)
      mini_portile (~> 0.6.0)
    rawler (0.1.8)
      nokogiri (~> 1.5)

PLATFORMS
  ruby

DEPENDENCIES
  rawler

BUNDLED WITH
   1.10.2
